PATH
  remote: .
  specs:
    attribute_choices (1.0.0)
      activerecord
      activesupport

GEM
  remote: http://rubygems.org/
  specs:
    activemodel (3.0.7)
      activesupport (= 3.0.7)
      builder (~> 2.1.2)
      i18n (~> 0.5.0)
    activerecord (3.0.7)
      activemodel (= 3.0.7)
      activesupport (= 3.0.7)
      arel (~> 2.0.2)
      tzinfo (~> 0.3.23)
    activesupport (3.0.7)
    arel (2.0.9)
    builder (2.1.2)
    i18n (0.5.0)
    rake (0.8.7)
    sqlite3 (1.3.3)
    tzinfo (0.3.27)

PLATFORMS
  ruby

DEPENDENCIES
  attribute_choices!
  rake
  sqlite3
